PATH
  remote: .
  specs:
    phoneword (0.1.0)

GEM
  remote: https://rubygems.org/
  specs:
    coderay (1.1.1)
    method_source (0.8.2)
    minitest (5.10.1)
    pry (0.10.4)
      coderay (~> 1.1.0)
      method_source (~> 0.8.1)
      slop (~> 3.4)
    rake (13.0.6)
    slop (3.6.0)

PLATFORMS
  ruby

DEPENDENCIES
  bundler (>= 2.2.10)
  minitest (~> 5.10)
  phoneword!
  pry
  rake (>= 13.0.0)

BUNDLED WITH
   1.14.6
